GEM
  remote: https://rubygems.org/
  specs:
    multi_json (1.15.0)
    nio4r (2.7.4)
    puma (6.6.0)
      nio4r (~> 2.0)
    rack (1.6.13)
    rack-protection (1.5.5)
      rack
    rackup (1.0.1)
      rack (< 3)
      webrick
    sinatra (1.4.8)
      rack (~> 1.5)
      rack-protection (~> 1.4)
      tilt (>= 1.3, < 3)
    sinatra-json (0.1.0)
      multi_json (~> 1.0)
      sinatra (~> 1.0)
    tilt (2.6.0)
    webrick (1.9.1)

PLATFORMS
  arm64-darwin-23
  ruby

DEPENDENCIES
  puma
  rackup
  sinatra
  sinatra-json

BUNDLED WITH
   2.6.4
